PATH
  remote: .
  specs:
    latinirb (1.0.pre.3)
      activesupport (>= 4)
      latinverb (= 1.0.0.pre.2)
      latinverb_chart_presenter
      linguistics_latin
      macronconversions

GEM
  remote: http://rubygems.org/
  specs:
    activesupport (4.1.4)
      i18n (~> 0.6, >= 0.6.9)
      json (~> 1.7, >= 1.7.7)
      minitest (~> 5.1)
      thread_safe (~> 0.1)
      tzinfo (~> 1.1)
    byebug (3.1.2)
      columnize (~> 0.8)
      debugger-linecache (~> 1.2)
    columnize (0.8.9)
    debugger-linecache (1.2.0)
    i18n (0.6.11)
    json (1.8.1)
    latinverb (1.0.0.pre.2)
      latinverb_classifier (= 1.0.0.pre.1)
      latinverb_deponent_string_deriver
      latinverb_imperative_block (= 1.0.0.pre.1)
      latinverb_imperatives
      latinverb_infinitives
      latinverb_irregular_imperatives_retriever
      latinverb_irregular_infinitives_retriever
      latinverb_irregular_participles_retriever
      latinverb_irregular_verb_definition_consumer
      latinverb_participles
      latinverb_principal_parts_extractor
      latinverb_querent_for_classification_builder
      latinverb_serialization
      latinverb_stem_deriver
      latinverb_type_evaluator
      linguistics_latin (~> 0.0.2)
      linguistics_latin_tense_block
      macronconversions
      multi_json (~> 1.8)
      rake
    latinverb_chart_presenter (1.0.0)
    latinverb_classifier (1.0.0.pre.1)
      linguistics_latin (~> 0.0.2)
    latinverb_deponent_string_deriver (1.0.0.pre.2)
    latinverb_imperative_block (1.0.0.pre.1)
      linguistics_latin (~> 0.0.2)
    latinverb_imperatives (0.0.1)
      latinverb_irregular_infinitives_retriever
    latinverb_infinitives (0.0.1)
    latinverb_irregular_imperatives_retriever (0.0.1)
    latinverb_irregular_infinitives_retriever (0.0.1)
      linguistics_latin
    latinverb_irregular_participles_retriever (0.0.1)
    latinverb_irregular_verb_definition_consumer (0.0.1)
      linguistics_latin
    latinverb_participles (0.0.1)
    latinverb_principal_parts_extractor (0.0.1)
    latinverb_querent_for_classification_builder (0.0.1)
      latinverb_irregular_infinitives_retriever
      linguistics_latin (~> 0.0.2)
      linguistics_latin_tense_block
    latinverb_serialization (0.0.1)
    latinverb_stem_deriver (0.0.1)
    latinverb_type_evaluator (0.0.1)
      latinverb_deponent_string_deriver
      linguistics_latin (~> 0.0.2)
    linguistics_latin (0.0.2)
    linguistics_latin_tense_block (1.0.0)
      linguistics_latin
    macronconversions (0.0.1)
    minitest (5.4.0)
    multi_json (1.10.1)
    rake (10.3.2)
    thread_safe (0.3.4)
    tzinfo (1.2.1)
      thread_safe (~> 0.1)

PLATFORMS
  ruby

DEPENDENCIES
  byebug
  latinirb!
