PATH
  remote: .
  specs:
    latinirb (0.4.0)
      activesupport (>= 4)
      latinverb (~> 0.9.5)
      latinverb_chart_presenter
      latinverb_irregular_imperatives_retriever
      latinverb_irregular_participles_retriever
      linguistics_latin
      linguistics_latin_imperative_block
      macronconversions

GEM
  remote: http://rubygems.org/
  specs:
    activesupport (4.1.2)
      i18n (~> 0.6, >= 0.6.9)
      json (~> 1.7, >= 1.7.7)
      minitest (~> 5.1)
      thread_safe (~> 0.1)
      tzinfo (~> 1.1)
    i18n (0.6.9)
    json (1.8.1)
    latinverb (0.9.5)
      latinverb_classifier (= 1.0.0.pre.1)
      latinverb_deponent_string_deriver
      latinverb_imperative_block
      latinverb_irregular_imperatives_retriever
      latinverb_irregular_infinitives_retriever
      latinverb_irregular_verb_definition_consumer
      latinverb_principal_parts_extractor
      latinverb_querent_for_classification_builder
      latinverb_stem_deriver
      latinverb_type_evaluator
      linguistics_latin (~> 0.0.2)
      linguistics_latin_tense_block
      macronconversions
      multi_json (~> 1.8)
      rake
    latinverb_chart_presenter (0.0.1)
    latinverb_classifier (1.0.0.pre.1)
      linguistics_latin (~> 0.0.2)
    latinverb_deponent_string_deriver (1.0.0.pre.1)
    latinverb_imperative_block (0.0.1)
      linguistics_latin (~> 0.0.2)
    latinverb_irregular_imperatives_retriever (0.0.1)
    latinverb_irregular_infinitives_retriever (0.0.1)
      latinverb_irregular_verb_definition_consumer
      linguistics_latin
    latinverb_irregular_participles_retriever (0.0.1)
    latinverb_irregular_verb_definition_consumer (0.0.1)
      linguistics_latin
    latinverb_principal_parts_extractor (0.0.1)
    latinverb_querent_for_classification_builder (0.0.1)
      latinverb_irregular_infinitives_retriever
      linguistics_latin (~> 0.0.2)
      linguistics_latin_tense_block
    latinverb_stem_deriver (0.0.1)
      latinverb_deponent_string_deriver
    latinverb_type_evaluator (0.0.1)
      latinverb_deponent_string_deriver
      linguistics_latin (~> 0.0.2)
    linguistics_latin (0.0.2)
    linguistics_latin_imperative_block (0.0.1)
    linguistics_latin_tense_block (0.0.1)
      linguistics_latin
    macronconversions (0.0.1)
    minitest (5.3.5)
    multi_json (1.10.1)
    rake (10.3.2)
    thread_safe (0.3.4)
    tzinfo (1.2.1)
      thread_safe (~> 0.1)

PLATFORMS
  ruby

DEPENDENCIES
  latinirb!
