PATH
  remote: .
  specs:
    latinirb (0.3.4)
      activesupport (>= 4)
      latinverb (~> 0.9.5)

GEM
  remote: http://rubygems.org/
  specs:
    activesupport (4.0.0)
      i18n (~> 0.6, >= 0.6.4)
      minitest (~> 4.2)
      multi_json (~> 1.3)
      thread_safe (~> 0.1)
      tzinfo (~> 0.3.37)
    atomic (1.1.14)
    i18n (0.6.5)
    json (1.8.0)
    latinverb (0.9.5)
      activesupport
      linguistics_latin
      macronconversions
      rake
      rdoc
    linguistics_latin (0.0.1)
    macronconversions (0.0.1)
    minitest (4.3.2)
    multi_json (1.8.2)
    rake (10.1.0)
    rdoc (4.0.1)
      json (~> 1.4)
    thread_safe (0.1.3)
      atomic
    tzinfo (0.3.38)

PLATFORMS
  ruby

DEPENDENCIES
  latinirb!
